PATH
  remote: .
  specs:
    xmpp4r (0.5.7)

GEM
  remote: https://rubygems.org/
  specs:
    json (1.8.1)
    rake (12.3.3)
    rdoc (3.12.2)
      json (~> 1.4)

PLATFORMS
  ruby

DEPENDENCIES
  rake (>= 10.0)
  rdoc (~> 3.0)
  xmpp4r!
